GEM
  remote: http://rubygems.org/
  specs:
    addressable (2.2.8)
    bson (1.6.2)
    daemons (1.1.8)
    em-mongo (0.4.2)
      bson (>= 1.1.3)
      eventmachine (>= 0.12.10)
    em-websocket (0.3.6)
      addressable (>= 2.1.1)
      eventmachine (>= 0.12.9)
    eventmachine (0.12.10)
    mongo (1.6.2)
      bson (~> 1.6.2)
    oauth (0.5.5)

PLATFORMS
  ruby

DEPENDENCIES
  daemons
  em-mongo
  em-websocket
  mongo
  oauth
